PATH
  remote: .
  specs:
    activitypub (0.2.0)

GEM
  remote: https://rubygems.org/
  specs:
    colsole (0.8.2)
    diff-lcs (1.5.1)
    diffy (3.4.2)
    pastel (0.8.0)
      tty-color (~> 0.5)
    rake (13.2.1)
    rspec (3.13.0)
      rspec-core (~> 3.13.0)
      rspec-expectations (~> 3.13.0)
      rspec-mocks (~> 3.13.0)
    rspec-core (3.13.0)
      rspec-support (~> 3.13.0)
    rspec-expectations (3.13.1)
      diff-lcs (>= 1.2.0, < 2.0)
      rspec-support (~> 3.13.0)
    rspec-mocks (3.13.1)
      diff-lcs (>= 1.2.0, < 2.0)
      rspec-support (~> 3.13.0)
    rspec-support (3.13.1)
    rspec_fixtures (0.7.5)
      colsole (~> 0.5)
      diffy (~> 3.3)
      string-similarity (~> 2.0)
      strings-ansi (~> 0.1)
      tty-prompt (~> 0.19)
    string-similarity (2.1.0)
    strings-ansi (0.2.0)
    tty-color (0.6.0)
    tty-cursor (0.7.1)
    tty-prompt (0.23.1)
      pastel (~> 0.8)
      tty-reader (~> 0.8)
    tty-reader (0.9.0)
      tty-cursor (~> 0.7)
      tty-screen (~> 0.8)
      wisper (~> 2.0)
    tty-screen (0.8.2)
    wisper (2.0.1)

PLATFORMS
  x86_64-linux

DEPENDENCIES
  activitypub!
  rake (~> 13.0)
  rspec (~> 3.0)
  rspec_fixtures

BUNDLED WITH
   2.4.19
